PATH
  remote: .
  specs:
    rack-mogilefs (0.3.0)
      mogilefs-client (~> 2.1.0)
      rack (~> 1.1.0)

GEM
  remote: http://rubygems.org/
  specs:
    mocha (0.9.8)
      rake
    mogilefs-client (2.1.0)
    rack (1.1.0)
    rake (0.8.7)

PLATFORMS
  ruby

DEPENDENCIES
  mocha
  mogilefs-client (~> 2.1.0)
  rack (~> 1.1.0)
  rack-mogilefs!
